GEM
  remote: https://rubygems.org/
  specs:
    mqtt (0.0.9)

PLATFORMS
  ruby

DEPENDENCIES
  mqtt
